GEM
  remote: https://rubygems.org/
  specs:
    CFPropertyList (2.3.6)
    actioncable (6.0.1)
      actionpack (= 6.0.1)
      nio4r (~> 2.0)
      websocket-driver (>= 0.6.1)
    actionmailbox (6.0.1)
      actionpack (= 6.0.1)
      activejob (= 6.0.1)
      activerecord (= 6.0.1)
      activestorage (= 6.0.1)
      activesupport (= 6.0.1)
      mail (>= 2.7.1)
    actionmailer (6.0.1)
      actionpack (= 6.0.1)
      actionview (= 6.0.1)
      activejob (= 6.0.1)
      mail (~> 2.5, >= 2.5.4)
      rails-dom-testing (~> 2.0)
    actionpack (6.0.1)
      actionview (= 6.0.1)
      activesupport (= 6.0.1)
      rack (~> 2.0)
      rack-test (>= 0.6.3)
      rails-dom-testing (~> 2.0)
      rails-html-sanitizer (~> 1.0, >= 1.2.0)
    actiontext (6.0.1)
      actionpack (= 6.0.1)
      activerecord (= 6.0.1)
      activestorage (= 6.0.1)
      activesupport (= 6.0.1)
      nokogiri (>= 1.8.5)
    actionview (6.0.1)
      activesupport (= 6.0.1)
      builder (~> 3.1)
      erubi (~> 1.4)
      rails-dom-testing (~> 2.0)
      rails-html-sanitizer (~> 1.1, >= 1.2.0)
    activejob (6.0.1)
      activesupport (= 6.0.1)
      globalid (>= 0.3.6)
    activemodel (6.0.1)
      activesupport (= 6.0.1)
    activerecord (6.0.1)
      activemodel (= 6.0.1)
      activesupport (= 6.0.1)
    activestorage (6.0.1)
      actionpack (= 6.0.1)
      activejob (= 6.0.1)
      activerecord (= 6.0.1)
      marcel (~> 0.3.1)
    activesupport (6.0.1)
      concurrent-ruby (~> 1.0, >= 1.0.2)
      i18n (>= 0.7, < 2)
      minitest (~> 5.1)
      tzinfo (~> 1.1)
      zeitwerk (~> 2.2)
    addressable (2.8.0)
      public_suffix (>= 2.0.2, < 5.0)
    autoprefixer-rails (10.4.2.0)
      execjs (~> 2)
    bcrypt (3.1.17)
    binding_of_caller (1.0.0)
      debug_inspector (>= 0.0.1)
    bootstrap-sass (3.4.1)
      autoprefixer-rails (>= 5.2.1)
      sassc (>= 2.0.0)
    bootstrap-will_paginate (1.0.0)
      will_paginate
    builder (3.2.4)
    byebug (11.1.3)
    carrierwave (2.2.0)
      activemodel (>= 5.0.0)
      activesupport (>= 5.0.0)
      addressable (~> 2.6)
      image_processing (~> 1.1)
      mimemagic (>= 0.3.0)
      mini_mime (>= 0.1.3)
      ssrf_filter (~> 1.0)
    climate_control (0.2.0)
    coffee-rails (5.0.0)
      coffee-script (>= 2.2.0)
      railties (>= 5.2.0)
    coffee-script (2.4.1)
      coffee-script-source
      execjs
    coffee-script-source (1.12.2)
    concurrent-ruby (1.1.10)
    crass (1.0.6)
    debug_inspector (1.1.0)
    declarative (0.0.20)
    dry-inflector (0.2.1)
    erubi (1.10.0)
    excon (0.92.2)
    execjs (2.8.1)
    faker (2.20.0)
      i18n (>= 1.8.11, < 2)
    faraday (2.2.0)
      faraday-net_http (~> 2.0)
      ruby2_keywords (>= 0.0.4)
    faraday-net_http (2.0.2)
    ffi (1.15.5)
    fission (0.5.0)
      CFPropertyList (~> 2.2)
    fog (1.32.0)
      fog-atmos
      fog-aws (>= 0.6.0)
      fog-brightbox (~> 0.4)
      fog-core (~> 1.32)
      fog-ecloud (= 0.1.1)
      fog-google (>= 0.0.2)
      fog-json
      fog-local
      fog-powerdns (>= 0.1.1)
      fog-profitbricks
      fog-radosgw (>= 0.0.2)
      fog-riakcs
      fog-sakuracloud (>= 0.0.4)
      fog-serverlove
      fog-softlayer
      fog-storm_on_demand
      fog-terremark
      fog-vmfusion
      fog-voxel
      fog-xml (~> 0.1.1)
      ipaddress (~> 0.5)
      nokogiri (~> 1.5, >= 1.5.11)
    fog-atmos (0.1.0)
      fog-core
      fog-xml
    fog-aws (2.0.1)
      fog-core (~> 1.38)
      fog-json (~> 1.0)
      fog-xml (~> 0.1)
      ipaddress (~> 0.8)
    fog-brightbox (0.16.1)
      dry-inflector
      fog-core
      fog-json
      mime-types
    fog-core (1.45.0)
      builder
      excon (~> 0.58)
      formatador (~> 0.2)
    fog-ecloud (0.1.1)
      fog-core
      fog-xml
    fog-google (1.18.0)
      fog-core (< 2.3)
      fog-json (~> 1.2)
      fog-xml (~> 0.1.0)
      google-apis-compute_v1 (~> 0.14)
      google-apis-dns_v1 (~> 0.12)
      google-apis-iamcredentials_v1 (~> 0.6)
      google-apis-monitoring_v3 (~> 0.12)
      google-apis-pubsub_v1 (~> 0.7)
      google-apis-sqladmin_v1beta4 (~> 0.13)
      google-apis-storage_v1 (~> 0.6)
      google-cloud-env (~> 1.2)
    fog-json (1.2.0)
      fog-core
      multi_json (~> 1.10)
    fog-local (0.8.0)
      fog-core (>= 1.27, < 3.0)
    fog-powerdns (0.2.0)
      fog-core
      fog-json
      fog-xml
    fog-profitbricks (4.1.1)
      fog-core (~> 1.42)
      fog-json (~> 1.0)
    fog-radosgw (0.0.5)
      fog-core (>= 1.21.0)
      fog-json
      fog-xml (>= 0.0.1)
    fog-riakcs (0.1.0)
      fog-core
      fog-json
      fog-xml
    fog-sakuracloud (1.7.5)
      fog-core
      fog-json
    fog-serverlove (0.1.2)
      fog-core
      fog-json
    fog-softlayer (1.1.4)
      fog-core
      fog-json
    fog-storm_on_demand (0.1.1)
      fog-core
      fog-json
    fog-terremark (0.1.0)
      fog-core
      fog-xml
    fog-vmfusion (0.1.0)
      fission
      fog-core
    fog-voxel (0.1.0)
      fog-core
      fog-xml
    fog-xml (0.1.4)
      fog-core
      nokogiri (>= 1.5.11, < 2.0.0)
    font-awesome-rails (4.7.0.8)
      railties (>= 3.2, < 8.0)
    formatador (0.3.0)
    globalid (1.0.0)
      activesupport (>= 5.0)
    google-apis-compute_v1 (0.32.0)
      google-apis-core (>= 0.4, < 2.a)
    google-apis-core (0.4.2)
      addressable (~> 2.5, >= 2.5.1)
      googleauth (>= 0.16.2, < 2.a)
      httpclient (>= 2.8.1, < 3.a)
      mini_mime (~> 1.0)
      representable (~> 3.0)
      retriable (>= 2.0, < 4.a)
      rexml
      webrick
    google-apis-dns_v1 (0.19.0)
      google-apis-core (>= 0.4, < 2.a)
    google-apis-iamcredentials_v1 (0.10.0)
      google-apis-core (>= 0.4, < 2.a)
    google-apis-monitoring_v3 (0.24.0)
      google-apis-core (>= 0.4, < 2.a)
    google-apis-pubsub_v1 (0.16.0)
      google-apis-core (>= 0.4, < 2.a)
    google-apis-sqladmin_v1beta4 (0.27.0)
      google-apis-core (>= 0.4, < 2.a)
    google-apis-storage_v1 (0.13.0)
      google-apis-core (>= 0.4, < 2.a)
    google-cloud-env (1.6.0)
      faraday (>= 0.17.3, < 3.0)
    googleauth (1.1.2)
      faraday (>= 0.17.3, < 3.a)
      jwt (>= 1.4, < 3.0)
      memoist (~> 0.16)
      multi_json (~> 1.11)
      os (>= 0.9, < 2.0)
      signet (>= 0.16, < 2.a)
    httpclient (2.8.3)
    i18n (1.10.0)
      concurrent-ruby (~> 1.0)
    image_processing (1.12.2)
      mini_magick (>= 4.9.5, < 5)
      ruby-vips (>= 2.0.17, < 3)
    ipaddress (0.8.3)
    jbuilder (2.11.5)
      actionview (>= 5.0.0)
      activesupport (>= 5.0.0)
    jquery-rails (4.4.0)
      rails-dom-testing (>= 1, < 3)
      railties (>= 4.2.0)
      thor (>= 0.14, < 2.0)
    jwt (2.3.0)
    loofah (2.16.0)
      crass (~> 1.0.2)
      nokogiri (>= 1.5.9)
    mail (2.7.1)
      mini_mime (>= 0.1.1)
    marcel (0.3.3)
      mimemagic (~> 0.3.2)
    memoist (0.16.2)
    method_source (1.0.0)
    mime-types (3.4.1)
      mime-types-data (~> 3.2015)
    mime-types-data (3.2022.0105)
    mimemagic (0.3.10)
      nokogiri (~> 1)
      rake
    mini_magick (4.11.0)
    mini_mime (1.1.2)
    mini_portile2 (2.8.0)
    minitest (5.15.0)
    multi_json (1.15.0)
    nested_form (0.3.2)
    net-ssh (6.1.0)
    nio4r (2.5.8)
    nokogiri (1.13.4)
      mini_portile2 (~> 2.8.0)
      racc (~> 1.4)
    os (1.1.4)
    paperclip (6.1.0)
      activemodel (>= 4.2.0)
      activesupport (>= 4.2.0)
      mime-types
      mimemagic (~> 0.3.0)
      terrapin (~> 0.6.0)
    pg (1.3.4)
    public_suffix (4.0.7)
    racc (1.6.0)
    rack (2.2.3)
    rack-test (1.1.0)
      rack (>= 1.0, < 3)
    rails (6.0.1)
      actioncable (= 6.0.1)
      actionmailbox (= 6.0.1)
      actionmailer (= 6.0.1)
      actionpack (= 6.0.1)
      actiontext (= 6.0.1)
      actionview (= 6.0.1)
      activejob (= 6.0.1)
      activemodel (= 6.0.1)
      activerecord (= 6.0.1)
      activestorage (= 6.0.1)
      activesupport (= 6.0.1)
      bundler (>= 1.3.0)
      railties (= 6.0.1)
      sprockets-rails (>= 2.0.0)
    rails-dom-testing (2.0.3)
      activesupport (>= 4.2.0)
      nokogiri (>= 1.6)
    rails-html-sanitizer (1.4.2)
      loofah (~> 2.3)
    railties (6.0.1)
      actionpack (= 6.0.1)
      activesupport (= 6.0.1)
      method_source
      rake (>= 0.8.7)
      thor (>= 0.20.3, < 2.0)
    rake (13.0.6)
    ransack (2.5.0)
      activerecord (>= 5.2.4)
      activesupport (>= 5.2.4)
      i18n
    representable (3.1.1)
      declarative (< 0.1.0)
      trailblazer-option (>= 0.1.1, < 0.2.0)
      uber (< 0.2.0)
    retriable (3.1.2)
    rexml (3.2.5)
    ruby-vips (2.1.4)
      ffi (~> 1.12)
    ruby2_keywords (0.0.5)
    sass-rails (6.0.0)
      sassc-rails (~> 2.1, >= 2.1.1)
    sassc (2.4.0)
      ffi (~> 1.9)
    sassc-rails (2.1.2)
      railties (>= 4.0.0)
      sassc (>= 2.0)
      sprockets (> 3.0)
      sprockets-rails
      tilt
    signet (0.16.1)
      addressable (~> 2.8)
      faraday (>= 0.17.5, < 3.0)
      jwt (>= 1.5, < 3.0)
      multi_json (~> 1.10)
    slim (4.1.0)
      temple (>= 0.7.6, < 0.9)
      tilt (>= 2.0.6, < 2.1)
    slim-rails (3.4.0)
      actionpack (>= 3.1)
      railties (>= 3.1)
      slim (>= 3.0, < 5.0)
    spring (3.1.1)
    sprockets (4.0.3)
      concurrent-ruby (~> 1.0)
      rack (> 1, < 3)
    sprockets-rails (3.4.2)
      actionpack (>= 5.2)
      activesupport (>= 5.2)
      sprockets (>= 3.0.0)
    ssrf_filter (1.0.7)
    temple (0.8.2)
    terrapin (0.6.0)
      climate_control (>= 0.0.3, < 1.0)
    thor (1.2.1)
    thread_safe (0.3.6)
    tilt (2.0.10)
    trailblazer-option (0.1.2)
    turbolinks (5.2.1)
      turbolinks-source (~> 5.2)
    turbolinks-source (5.2.0)
    tzinfo (1.2.9)
      thread_safe (~> 0.1)
    uber (0.1.0)
    uglifier (4.2.0)
      execjs (>= 0.3.0, < 3)
    web-console (2.3.0)
      activemodel (>= 4.0)
      binding_of_caller (>= 0.7.2)
      railties (>= 4.0)
      sprockets-rails (>= 2.0, < 4.0)
    webrick (1.7.0)
    websocket-driver (0.7.5)
      websocket-extensions (>= 0.1.0)
    websocket-extensions (0.1.5)
    will_paginate (3.3.1)
    xmlrpc (0.2.1)
    zeitwerk (2.5.4)

PLATFORMS
  ruby

DEPENDENCIES
  bcrypt
  bootstrap-sass
  bootstrap-will_paginate
  byebug
  carrierwave
  coffee-rails
  faker
  fog (~> 1.32.0)
  font-awesome-rails (~> 4.7, >= 4.7.0.5)
  jbuilder
  jquery-rails
  mini_magick
  nested_form
  net-ssh
  paperclip
  pg
  rails (= 6.0.1)
  ransack
  sass-rails
  slim-rails
  spring
  turbolinks
  uglifier
  web-console (~> 2.0)
  will_paginate
  xmlrpc (= 0.2.1)

BUNDLED WITH
   2.1.4
